PATH
  remote: .
  specs:
    dependency_spy (0.2.2)
      bibliothecary (~> 6.3)
      colorize (~> 0.8.1)
      semantic_range (~> 2.1)
      thor (~> 0.20)
      yavdb (~> 0.4)

GEM
  remote: https://rubygems.org/
  specs:
    ansi (1.5.0)
    ast (2.4.0)
    bibliothecary (6.3.1)
      commander
      deb_control
      librariesio-gem-parser
      ox (>= 2.8.1)
      sdl4r
      toml-rb (~> 1.0)
      typhoeus
    citrus (3.0.2)
    codacy-coverage (2.1.0)
      simplecov
    colorize (0.8.1)
    commander (4.4.7)
      highline (~> 2.0.0)
    deb_control (0.0.1)
    diff-lcs (1.3)
    docile (1.3.1)
    ethon (0.11.0)
      ffi (>= 1.3.0)
    ffi (1.9.25)
    highline (2.0.0)
    jaro_winkler (1.5.1)
    json (2.1.0)
    kramdown (1.17.0)
    librariesio-gem-parser (1.0.0)
    oga (2.15)
      ast
      ruby-ll (~> 2.1)
    ox (2.10.0)
    parallel (1.12.1)
    parser (2.5.1.2)
      ast (~> 2.4.0)
    powerpack (0.1.2)
    rainbow (3.0.0)
    rake (12.3.1)
    rspec (3.8.0)
      rspec-core (~> 3.8.0)
      rspec-expectations (~> 3.8.0)
      rspec-mocks (~> 3.8.0)
    rspec-collection_matchers (1.1.3)
      rspec-expectations (>= 2.99.0.beta1)
    rspec-core (3.8.0)
      rspec-support (~> 3.8.0)
    rspec-expectations (3.8.2)
      diff-lcs (>= 1.2.0, < 2.0)
      rspec-support (~> 3.8.0)
    rspec-mocks (3.8.0)
      diff-lcs (>= 1.2.0, < 2.0)
      rspec-support (~> 3.8.0)
    rspec-support (3.8.0)
    rubocop (0.60.0)
      jaro_winkler (~> 1.5.1)
      parallel (~> 1.10)
      parser (>= 2.5, != 2.5.1.1)
      powerpack (~> 0.1)
      rainbow (>= 2.2.2, < 4.0)
      ruby-progressbar (~> 1.7)
      unicode-display_width (~> 1.4.0)
    rubocop-rspec (1.30.0)
      rubocop (>= 0.58.0)
    ruby-ll (2.1.2)
      ansi
      ast
    ruby-progressbar (1.10.0)
    sdl4r (0.9.11)
    semantic_interval (0.1.0)
    semantic_range (2.1.0)
    simplecov (0.16.1)
      docile (~> 1.1)
      json (>= 1.8, < 3)
      simplecov-html (~> 0.10.0)
    simplecov-html (0.10.2)
    thor (0.20.0)
    toml-rb (1.1.2)
      citrus (~> 3.0, > 3.0)
    typhoeus (1.3.0)
      ethon (>= 0.9.0)
    unicode-display_width (1.4.0)
    yavdb (0.4.1)
      json (~> 2.1)
      kramdown (~> 1.17)
      oga (~> 2.15)
      semantic_interval (~> 0.1)
      thor (~> 0.20)

PLATFORMS
  ruby

DEPENDENCIES
  bundler (~> 1.16)
  codacy-coverage
  dependency_spy!
  rake (~> 12.3)
  rspec (~> 3.8)
  rspec-collection_matchers (~> 1.1)
  rubocop (~> 0.59)
  rubocop-rspec (~> 1.29)
  simplecov

BUNDLED WITH
   1.16.6
