PATH
  remote: .
  specs:
    dependency_spy (0.6.0)
      bibliothecary (~> 6.6)
      colorize (= 0.8.1)
      semantic_range (~> 2.2)
      thor (~> 0.20)
      yavdb (~> 0.5)

GEM
  remote: https://rubygems.org/
  specs:
    ansi (1.5.0)
    ast (2.4.0)
    bibliothecary (6.8.4)
      commander
      deb_control
      librariesio-gem-parser
      ox (>= 2.8.1)
      sdl4r
      strings
      strings-ansi
      toml-rb (~> 1.0)
      typhoeus
    citrus (3.0.2)
    codacy-coverage (2.2.0)
      simplecov
    colorize (0.8.1)
    commander (4.4.7)
      highline (~> 2.0.0)
    deb_control (0.0.1)
    diff-lcs (1.3)
    docile (1.3.2)
    ethon (0.12.0)
      ffi (>= 1.3.0)
    execjs (2.7.0)
    ffi (1.11.1)
    highline (2.0.3)
    jaro_winkler (1.5.3)
    json (2.3.0)
    kramdown (2.1.0)
    librariesio-gem-parser (1.0.0)
    libv8 (3.16.14.19)
    oga (2.15)
      ast
      ruby-ll (~> 2.1)
    ox (2.11.0)
    parallel (1.17.0)
    parser (2.6.3.0)
      ast (~> 2.4.0)
    rainbow (3.0.0)
    rake (12.3.2)
    ref (2.0.0)
    rspec (3.8.0)
      rspec-core (~> 3.8.0)
      rspec-expectations (~> 3.8.0)
      rspec-mocks (~> 3.8.0)
    rspec-collection_matchers (1.1.3)
      rspec-expectations (>= 2.99.0.beta1)
    rspec-core (3.8.2)
      rspec-support (~> 3.8.0)
    rspec-expectations (3.8.4)
      diff-lcs (>= 1.2.0, < 2.0)
      rspec-support (~> 3.8.0)
    rspec-mocks (3.8.1)
      diff-lcs (>= 1.2.0, < 2.0)
      rspec-support (~> 3.8.0)
    rspec-support (3.8.2)
    rubocop (0.72.0)
      jaro_winkler (~> 1.5.1)
      parallel (~> 1.10)
      parser (>= 2.6)
      rainbow (>= 2.2.2, < 4.0)
      ruby-progressbar (~> 1.7)
      unicode-display_width (>= 1.4.0, < 1.7)
    rubocop-rspec (1.33.0)
      rubocop (>= 0.60.0)
    ruby-ll (2.1.2)
      ansi
      ast
    ruby-progressbar (1.10.1)
    sdl4r (0.9.11)
    semantic_interval (0.1.0)
    semantic_range (2.2.1)
    simplecov (0.17.0)
      docile (~> 1.1)
      json (>= 1.8, < 3)
      simplecov-html (~> 0.10.0)
    simplecov-html (0.10.2)
    strings (0.1.6)
      strings-ansi (~> 0.1)
      unicode-display_width (~> 1.5)
      unicode_utils (~> 1.4)
    strings-ansi (0.1.0)
    therubyracer (0.12.3)
      libv8 (~> 3.16.14.15)
      ref
    thor (0.20.3)
    toml-rb (1.1.2)
      citrus (~> 3.0, > 3.0)
    typhoeus (1.3.1)
      ethon (>= 0.9.0)
    unicode-display_width (1.6.0)
    unicode_utils (1.4.0)
    yavdb (0.5.3)
      execjs (~> 2.7)
      json (~> 2.2)
      kramdown (~> 2.1)
      oga (~> 2.15)
      semantic_interval (~> 0.1)
      therubyracer (~> 0.12)
      thor (~> 0.20)
      toml-rb (~> 1.1)

PLATFORMS
  ruby

DEPENDENCIES
  codacy-coverage
  dependency_spy!
  rake (~> 12.3)
  rspec (~> 3.8)
  rspec-collection_matchers (~> 1.1)
  rubocop (~> 0.59)
  rubocop-rspec (~> 1.29)
  simplecov

BUNDLED WITH
   1.17.3
